PATH
  remote: .
  specs:
    mvc (0.0.1)

GEM
  remote: http://rubygems.org/
  specs:
    database_cleaner (1.3.0)
    diff-lcs (1.2.5)
    rake (10.3.2)
    rspec (3.0.0)
      rspec-core (~> 3.0.0)
      rspec-expectations (~> 3.0.0)
      rspec-mocks (~> 3.0.0)
    rspec-core (3.0.4)
      rspec-support (~> 3.0.0)
    rspec-expectations (3.0.4)
      diff-lcs (>= 1.2.0, < 2.0)
      rspec-support (~> 3.0.0)
    rspec-mocks (3.0.4)
      rspec-support (~> 3.0.0)
    rspec-support (3.0.4)
    sqlite3 (1.3.9)

PLATFORMS
  ruby

DEPENDENCIES
  bundler (~> 1.6)
  database_cleaner
  mvc!
  rake
  rspec (~> 3.0.0)
  sqlite3
